PATH
  remote: .
  specs:
    tinny (0.1.0)

GEM
  remote: https://rubygems.org/
  specs:
    celluloid (0.17.3)
      celluloid-essentials
      celluloid-extras
      celluloid-fsm
      celluloid-pool
      celluloid-supervision
      timers (>= 4.1.1)
    celluloid-essentials (0.20.5)
      timers (>= 4.1.1)
    celluloid-extras (0.20.5)
      timers (>= 4.1.1)
    celluloid-fsm (0.20.5)
      timers (>= 4.1.1)
    celluloid-pool (0.20.5)
      timers (>= 4.1.1)
    celluloid-supervision (0.20.6)
      timers (>= 4.1.1)
    diff-lcs (1.3)
    firehose (0.1.0)
    hitimes (1.2.6)
    influxdb (0.5.2)
    rake (10.5.0)
    rspec (3.7.0)
      rspec-core (~> 3.7.0)
      rspec-expectations (~> 3.7.0)
      rspec-mocks (~> 3.7.0)
    rspec-core (3.7.0)
      rspec-support (~> 3.7.0)
    rspec-expectations (3.7.0)
      diff-lcs (>= 1.2.0, < 2.0)
      rspec-support (~> 3.7.0)
    rspec-mocks (3.7.0)
      diff-lcs (>= 1.2.0, < 2.0)
      rspec-support (~> 3.7.0)
    rspec-support (3.7.0)
    serialport (1.3.1)
    timers (4.1.2)
      hitimes

PLATFORMS
  ruby

DEPENDENCIES
  bundler (~> 1.16)
  celluloid (= 0.17.3)
  firehose (= 0.1.0)
  influxdb (= 0.5.2)
  rake (~> 10.0)
  rspec (~> 3.0)
  serialport (= 1.3.1)
  timers (= 4.1.2)
  tinny!

BUNDLED WITH
   1.16.0
